GEM
  remote: http://rubygems.org/
  specs:
    rake (0.8.7)
    spruz (0.2.13)

PLATFORMS
  java
  ruby

DEPENDENCIES
  rake
  spruz
